GEM
  remote: https://rubygems.org/
  specs:
    diff-lcs (1.1.3)
    hirb (0.7.2)
    method_profiler (2.0.1)
      hirb (>= 0.6.0)
    rspec (2.12.0)
      rspec-core (~> 2.12.0)
      rspec-expectations (~> 2.12.0)
      rspec-mocks (~> 2.12.0)
    rspec-core (2.12.1)
    rspec-expectations (2.12.0)
      diff-lcs (~> 1.1.3)
    rspec-mocks (2.12.0)

PLATFORMS
  ruby

DEPENDENCIES
  method_profiler
  rspec
